PATH
  remote: .
  specs:
    varanus (0.4.0)
      faraday
      faraday_middleware
      savon (~> 2.0)

GEM
  remote: https://rubygems.org/
  specs:
    addressable (2.7.0)
      public_suffix (>= 2.0.2, < 5.0)
    akami (1.3.1)
      gyoku (>= 0.4.0)
      nokogiri
    ast (2.4.1)
    builder (3.2.4)
    crack (0.4.5)
      rexml
    docile (1.3.4)
    faraday (1.3.0)
      faraday-net_http (~> 1.0)
      multipart-post (>= 1.2, < 3)
      ruby2_keywords
    faraday-net_http (1.0.0)
    faraday_middleware (1.0.0)
      faraday (~> 1.0)
    gyoku (1.3.1)
      builder (>= 2.1.2)
    hashdiff (1.0.1)
    httpi (2.4.5)
      rack
      socksify
    minitest (5.14.3)
    minitest-rg (5.2.0)
      minitest (~> 5.0)
    mocha (1.12.0)
    multipart-post (2.1.1)
    nokogiri (1.11.1-x86_64-linux)
      racc (~> 1.4)
    nori (2.6.0)
    parallel (1.20.1)
    parser (3.0.0.0)
      ast (~> 2.4.1)
    public_suffix (4.0.6)
    racc (1.5.2)
    rack (2.2.3)
    rainbow (3.0.0)
    rake (10.5.0)
    regexp_parser (2.0.3)
    rexml (3.2.4)
    rubocop (1.7.0)
      parallel (~> 1.10)
      parser (>= 2.7.1.5)
      rainbow (>= 2.2.2, < 4.0)
      regexp_parser (>= 1.8, < 3.0)
      rexml
      rubocop-ast (>= 1.2.0, < 2.0)
      ruby-progressbar (~> 1.7)
      unicode-display_width (>= 1.4.0, < 2.0)
    rubocop-ast (1.4.0)
      parser (>= 2.7.1.5)
    ruby-progressbar (1.11.0)
    ruby2_keywords (0.0.2)
    savon (2.12.1)
      akami (~> 1.2)
      builder (>= 2.1.2)
      gyoku (~> 1.2)
      httpi (~> 2.3)
      nokogiri (>= 1.8.1)
      nori (~> 2.4)
      wasabi (~> 3.4)
    simplecov (0.21.1)
      docile (~> 1.1)
      simplecov-html (~> 0.11)
      simplecov_json_formatter (~> 0.1)
    simplecov-html (0.12.3)
    simplecov_json_formatter (0.1.2)
    socksify (1.7.1)
    unicode-display_width (1.7.0)
    wasabi (3.6.1)
      addressable
      httpi (~> 2.0)
      nokogiri (>= 1.4.2)
    webmock (3.11.0)
      addressable (>= 2.3.6)
      crack (>= 0.3.2)
      hashdiff (>= 0.4.0, < 2.0.0)
    yard (0.9.26)

PLATFORMS
  ruby

DEPENDENCIES
  bundler (~> 1.16)
  minitest (~> 5.0)
  minitest-rg
  mocha
  rake (~> 10.0)
  rubocop
  simplecov
  varanus!
  webmock
  yard

BUNDLED WITH
   1.17.3
