PATH
  remote: .
  specs:
    varanus (0.1.0)

GEM
  remote: https://rubygems.org/
  specs:
    minitest (5.11.3)
    rake (10.5.0)

PLATFORMS
  ruby

DEPENDENCIES
  bundler (~> 1.16)
  minitest (~> 5.0)
  rake (~> 10.0)
  varanus!

BUNDLED WITH
   1.17.1
