PATH
  remote: .
  specs:
    varanus (0.3.1)
      faraday
      faraday_middleware
      savon (~> 2.0)

GEM
  remote: https://rubygems.org/
  specs:
    addressable (2.5.2)
      public_suffix (>= 2.0.2, < 4.0)
    akami (1.3.1)
      gyoku (>= 0.4.0)
      nokogiri
    ast (2.4.1)
    builder (3.2.3)
    crack (0.4.3)
      safe_yaml (~> 1.0.0)
    docile (1.3.1)
    faraday (0.15.3)
      multipart-post (>= 1.2, < 3)
    faraday_middleware (0.12.2)
      faraday (>= 0.7.4, < 1.0)
    gyoku (1.3.1)
      builder (>= 2.1.2)
    hashdiff (0.3.7)
    httpi (2.4.4)
      rack
      socksify
    json (2.1.0)
    metaclass (0.0.4)
    mini_portile2 (2.3.0)
    minitest (5.11.3)
    minitest-rg (5.2.0)
      minitest (~> 5.0)
    mocha (1.7.0)
      metaclass (~> 0.0.1)
    multipart-post (2.0.0)
    nokogiri (1.8.5)
      mini_portile2 (~> 2.3.0)
    nori (2.6.0)
    parallel (1.19.2)
    parser (2.7.1.4)
      ast (~> 2.4.1)
    public_suffix (3.0.3)
    rack (2.0.6)
    rainbow (3.0.0)
    rake (10.5.0)
    regexp_parser (1.7.1)
    rexml (3.2.4)
    rubocop (0.89.1)
      parallel (~> 1.10)
      parser (>= 2.7.1.1)
      rainbow (>= 2.2.2, < 4.0)
      regexp_parser (>= 1.7)
      rexml
      rubocop-ast (>= 0.3.0, < 1.0)
      ruby-progressbar (~> 1.7)
      unicode-display_width (>= 1.4.0, < 2.0)
    rubocop-ast (0.3.0)
      parser (>= 2.7.1.4)
    ruby-progressbar (1.10.1)
    safe_yaml (1.0.4)
    savon (2.12.0)
      akami (~> 1.2)
      builder (>= 2.1.2)
      gyoku (~> 1.2)
      httpi (~> 2.3)
      nokogiri (>= 1.8.1)
      nori (~> 2.4)
      wasabi (~> 3.4)
    simplecov (0.16.1)
      docile (~> 1.1)
      json (>= 1.8, < 3)
      simplecov-html (~> 0.10.0)
    simplecov-html (0.10.2)
    socksify (1.7.1)
    unicode-display_width (1.7.0)
    wasabi (3.5.0)
      httpi (~> 2.0)
      nokogiri (>= 1.4.2)
    webmock (3.4.2)
      addressable (>= 2.3.6)
      crack (>= 0.3.2)
      hashdiff
    yard (0.9.16)

PLATFORMS
  ruby

DEPENDENCIES
  bundler (~> 1.16)
  minitest (~> 5.0)
  minitest-rg
  mocha
  rake (~> 10.0)
  rubocop
  simplecov
  varanus!
  webmock
  yard

BUNDLED WITH
   1.17.3
